GIT
  remote: git://github.com/rstacruz/sinatra-assetpack.git
  revision: f19437552a9304cbe1f10dae0ec258f52b542470
  specs:
    sinatra-assetpack (0.2.5)
      backports
      jsmin
      rack-test
      sinatra
      tilt (>= 1.3.0)

GEM
  remote: http://rubygems.org/
  remote: http://gems.github.com/
  specs:
    addressable (2.3.4)
    backports (3.3.2)
    chatterbot (0.6.5)
      launchy (>= 2.1.2)
      oauth
      twitter (>= 4.4.0)
    diff-lcs (1.2.4)
    dotenv (0.8.0)
    eventmachine (1.0.3)
    faraday (0.8.7)
      multipart-post (~> 1.1)
    foreman (0.63.0)
      dotenv (>= 0.7)
      thor (>= 0.13.6)
    haml (4.0.3)
      tilt
    jsmin (1.0.1)
    launchy (2.3.0)
      addressable (~> 2.3)
    mini_portile (0.5.0)
    multi_json (1.7.7)
    multipart-post (1.2.0)
    nest (1.1.2)
      redis
    nokogiri (1.6.0)
      mini_portile (~> 0.5.0)
    oauth (0.4.7)
    ohm (1.3.2)
      nest (~> 1.0)
      redis
      scrivener (~> 0.0.3)
    rack (1.5.2)
    rack-protection (1.5.0)
      rack
    rack-test (0.6.2)
      rack (>= 1.0)
    redis (3.0.4)
    rspec (2.13.0)
      rspec-core (~> 2.13.0)
      rspec-expectations (~> 2.13.0)
      rspec-mocks (~> 2.13.0)
    rspec-core (2.13.1)
    rspec-expectations (2.13.0)
      diff-lcs (>= 1.1.3, < 2.0)
    rspec-mocks (2.13.1)
    scrivener (0.0.3)
    simple_oauth (0.2.0)
    sinatra (1.4.3)
      rack (~> 1.4)
      rack-protection (~> 1.4)
      tilt (~> 1.3, >= 1.3.4)
    sinatra-contrib (1.4.0)
      backports (>= 2.0)
      eventmachine
      rack-protection
      rack-test
      sinatra (~> 1.4.2)
      tilt (~> 1.3)
    sinatra-reloader (1.0)
      sinatra-contrib
    thor (0.18.1)
    tilt (1.4.1)
    twitter (4.8.1)
      faraday (~> 0.8, < 0.10)
      multi_json (~> 1.0)
      simple_oauth (~> 0.2)
    webrat (0.7.3)
      nokogiri (>= 1.2.0)
      rack (>= 1.0)
      rack-test (>= 0.5.3)

PLATFORMS
  ruby

DEPENDENCIES
  chatterbot
  foreman
  haml
  ohm
  rack-test
  rspec
  sinatra
  sinatra-assetpack!
  sinatra-reloader
  webrat
